GEM
  remote: https://rubygems.org/
  specs:
    actioncable (6.1.0)
      actionpack (= 6.1.0)
      activesupport (= 6.1.0)
      nio4r (~> 2.0)
      websocket-driver (>= 0.6.1)
    actionmailbox (6.1.0)
      actionpack (= 6.1.0)
      activejob (= 6.1.0)
      activerecord (= 6.1.0)
      activestorage (= 6.1.0)
      activesupport (= 6.1.0)
      mail (>= 2.7.1)
    actionmailer (6.1.0)
      actionpack (= 6.1.0)
      actionview (= 6.1.0)
      activejob (= 6.1.0)
      activesupport (= 6.1.0)
      mail (~> 2.5, >= 2.5.4)
      rails-dom-testing (~> 2.0)
    actionpack (6.1.0)
      actionview (= 6.1.0)
      activesupport (= 6.1.0)
      rack (~> 2.0, >= 2.0.9)
      rack-test (>= 0.6.3)
      rails-dom-testing (~> 2.0)
      rails-html-sanitizer (~> 1.0, >= 1.2.0)
    actiontext (6.1.0)
      actionpack (= 6.1.0)
      activerecord (= 6.1.0)
      activestorage (= 6.1.0)
      activesupport (= 6.1.0)
      nokogiri (>= 1.8.5)
    actionview (6.1.0)
      activesupport (= 6.1.0)
      builder (~> 3.1)
      erubi (~> 1.4)
      rails-dom-testing (~> 2.0)
      rails-html-sanitizer (~> 1.1, >= 1.2.0)
    activejob (6.1.0)
      activesupport (= 6.1.0)
      globalid (>= 0.3.6)
    activemodel (6.1.0)
      activesupport (= 6.1.0)
    activerecord (6.1.0)
      activemodel (= 6.1.0)
      activesupport (= 6.1.0)
    activestorage (6.1.0)
      actionpack (= 6.1.0)
      activejob (= 6.1.0)
      activerecord (= 6.1.0)
      activesupport (= 6.1.0)
      marcel (~> 0.3.1)
      mimemagic (~> 0.3.2)
    activesupport (6.1.0)
      concurrent-ruby (~> 1.0, >= 1.0.2)
      i18n (>= 1.6, < 2)
      minitest (>= 5.1)
      tzinfo (~> 2.0)
      zeitwerk (~> 2.3)
    airbrake (8.3.2)
      airbrake-ruby (~> 4.1)
    airbrake-ruby (4.15.0)
      rbtree3 (~> 0.5)
    base64 (0.3.0)
    bcrypt (3.1.20)
    benchmark-ips (2.14.0)
    bigdecimal (3.3.1)
    builder (3.3.0)
    byebug (11.1.3)
    chronic_duration (0.10.6)
      numerizer (~> 0.1.1)
    coffee-rails (5.0.0)
      coffee-script (>= 2.2.0)
      railties (>= 5.2.0)
    coffee-script (2.4.1)
      coffee-script-source
      execjs
    coffee-script-source (1.12.2)
    concurrent-ruby (1.3.4)
    crass (1.0.6)
    date (3.4.1)
    delayed_job (4.1.13)
      activesupport (>= 3.0, < 9.0)
    delayed_job_active_record (4.1.11)
      activerecord (>= 3.0, < 9.0)
      delayed_job (>= 3.0, < 5)
    derailed (0.1.0)
      derailed_benchmarks
    derailed_benchmarks (2.2.1)
      base64
      benchmark-ips (~> 2)
      bigdecimal
      drb
      get_process_mem
      heapy (~> 0)
      logger
      memory_profiler (>= 0, < 2)
      mini_histogram (>= 0.3.0)
      mutex_m
      ostruct
      rack (>= 1)
      rack-test
      rake (> 10, < 14)
      ruby-statistics (>= 4.0.1)
      ruby2_keywords
      thor (>= 0.19, < 2)
    devise (4.9.4)
      bcrypt (~> 3.0)
      orm_adapter (~> 0.1)
      railties (>= 4.1.0)
      responders
      warden (~> 1.2.3)
    diff-lcs (1.6.2)
    domain_name (0.6.20240107)
    drb (2.2.3)
    erubi (1.13.1)
    execjs (2.10.0)
    factory_bot (6.5.5)
      activesupport (>= 6.1.0)
    factory_bot_rails (6.5.1)
      factory_bot (~> 6.5)
      railties (>= 6.1.0)
    ffi (1.17.2-aarch64-linux-gnu)
    ffi (1.17.2-aarch64-linux-musl)
    ffi (1.17.2-arm-linux-gnu)
    ffi (1.17.2-arm-linux-musl)
    ffi (1.17.2-arm64-darwin)
    ffi (1.17.2-x86_64-darwin)
    ffi (1.17.2-x86_64-linux-gnu)
    ffi (1.17.2-x86_64-linux-musl)
    get_process_mem (1.0.0)
      bigdecimal (>= 2.0)
      ffi (~> 1.0)
    globalid (1.3.0)
      activesupport (>= 6.1)
    haml (6.3.0)
      temple (>= 0.8.2)
      thor
      tilt
    heapy (0.2.0)
      thor
    http-cookie (1.1.0)
      domain_name (~> 0.5)
    i18n (1.14.7)
      concurrent-ruby (~> 1.0)
    jbuilder (2.13.0)
      actionview (>= 5.0.0)
      activesupport (>= 5.0.0)
    jquery-rails (4.6.1)
      rails-dom-testing (>= 1, < 3)
      railties (>= 4.2.0)
      thor (>= 0.14, < 2.0)
    json (2.3.1)
    kaminari (1.2.2)
      activesupport (>= 4.1.0)
      kaminari-actionview (= 1.2.2)
      kaminari-activerecord (= 1.2.2)
      kaminari-core (= 1.2.2)
    kaminari-actionview (1.2.2)
      actionview
      kaminari-core (= 1.2.2)
    kaminari-activerecord (1.2.2)
      activerecord
      kaminari-core (= 1.2.2)
    kaminari-core (1.2.2)
    kgio (2.11.4)
    logger (1.7.0)
    loofah (2.24.1)
      crass (~> 1.0.2)
      nokogiri (>= 1.12.0)
    mail (2.9.0)
      logger
      mini_mime (>= 0.1.1)
      net-imap
      net-pop
      net-smtp
    marcel (0.3.3)
      mimemagic (~> 0.3.2)
    markdown-rails (2.1.0)
      actionview (>= 6.0.0)
      activesupport (>= 6.0.0)
      railties (>= 6.0.0)
      redcarpet (>= 3.0.0)
    memory_profiler (1.1.0)
    method_source (1.1.0)
    mime-types (3.7.0)
      logger
      mime-types-data (~> 3.2025, >= 3.2025.0507)
    mime-types-data (3.2025.0924)
    mimemagic (0.3.10)
      nokogiri (~> 1)
      rake
    mini_histogram (0.3.1)
    mini_mime (1.1.5)
    minitest (5.26.0)
    mutex_m (0.3.0)
    net-imap (0.5.12)
      date
      net-protocol
    net-pop (0.1.2)
      net-protocol
    net-protocol (0.2.2)
      timeout
    net-smtp (0.5.1)
      net-protocol
    netrc (0.11.0)
    nio4r (2.7.4)
    nokogiri (1.18.10-aarch64-linux-gnu)
      racc (~> 1.4)
    nokogiri (1.18.10-aarch64-linux-musl)
      racc (~> 1.4)
    nokogiri (1.18.10-arm-linux-gnu)
      racc (~> 1.4)
    nokogiri (1.18.10-arm-linux-musl)
      racc (~> 1.4)
    nokogiri (1.18.10-arm64-darwin)
      racc (~> 1.4)
    nokogiri (1.18.10-x86_64-darwin)
      racc (~> 1.4)
    nokogiri (1.18.10-x86_64-linux-gnu)
      racc (~> 1.4)
    nokogiri (1.18.10-x86_64-linux-musl)
      racc (~> 1.4)
    numerizer (0.1.1)
    orm_adapter (0.5.0)
    ostruct (0.6.3)
    pg (1.1.4)
    psych (3.3.4)
    puma (6.6.1)
      nio4r (~> 2.0)
    racc (1.8.1)
    rack (2.2.20)
    rack-test (2.2.0)
      rack (>= 1.3)
    rack-timeout (0.7.0)
    rails (6.1.0)
      actioncable (= 6.1.0)
      actionmailbox (= 6.1.0)
      actionmailer (= 6.1.0)
      actionpack (= 6.1.0)
      actiontext (= 6.1.0)
      actionview (= 6.1.0)
      activejob (= 6.1.0)
      activemodel (= 6.1.0)
      activerecord (= 6.1.0)
      activestorage (= 6.1.0)
      activesupport (= 6.1.0)
      bundler (>= 1.15.0)
      railties (= 6.1.0)
      sprockets-rails (>= 2.0.0)
    rails-dom-testing (2.3.0)
      activesupport (>= 5.0.0)
      minitest
      nokogiri (>= 1.6)
    rails-html-sanitizer (1.6.2)
      loofah (~> 2.21)
      nokogiri (>= 1.15.7, != 1.16.7, != 1.16.6, != 1.16.5, != 1.16.4, != 1.16.3, != 1.16.2, != 1.16.1, != 1.16.0.rc1, != 1.16.0)
    rails_autolink (1.1.8)
      actionview (> 3.1)
      activesupport (> 3.1)
      railties (> 3.1)
    railties (6.1.0)
      actionpack (= 6.1.0)
      activesupport (= 6.1.0)
      method_source
      rake (>= 0.8.7)
      thor (~> 1.0)
    raindrops (0.20.1)
    rake (13.3.0)
    rbtree3 (0.7.1)
    redcarpet (3.6.1)
    responders (3.1.1)
      actionpack (>= 5.2)
      railties (>= 5.2)
    rest-client (2.0.2)
      http-cookie (>= 1.0.2, < 2.0)
      mime-types (>= 1.16, < 4.0)
      netrc (~> 0.8)
    rspec-core (3.13.6)
      rspec-support (~> 3.13.0)
    rspec-expectations (3.13.5)
      diff-lcs (>= 1.2.0, < 2.0)
      rspec-support (~> 3.13.0)
    rspec-mocks (3.13.6)
      diff-lcs (>= 1.2.0, < 2.0)
      rspec-support (~> 3.13.0)
    rspec-rails (4.0.2)
      actionpack (>= 4.2)
      activesupport (>= 4.2)
      railties (>= 4.2)
      rspec-core (~> 3.10)
      rspec-expectations (~> 3.10)
      rspec-mocks (~> 3.10)
      rspec-support (~> 3.10)
    rspec-support (3.13.6)
    ruby-prof (1.6.3)
    ruby-statistics (4.1.0)
    ruby2_keywords (0.0.5)
    sass-rails (6.0.0)
      sassc-rails (~> 2.1, >= 2.1.1)
    sassc (2.4.0)
      ffi (~> 1.9)
    sassc-rails (2.1.2)
      railties (>= 4.0.0)
      sassc (>= 2.0)
      sprockets (> 3.0)
      sprockets-rails
      tilt
    sprockets (4.2.2)
      concurrent-ruby (~> 1.0)
      logger
      rack (>= 2.2.4, < 4)
    sprockets-rails (3.5.2)
      actionpack (>= 6.1)
      activesupport (>= 6.1)
      sprockets (>= 3.0.0)
    syntax_suggest (2.0.2)
    temple (0.10.4)
    thor (1.4.0)
    tilt (2.6.1)
    timeout (0.4.3)
    twitter-bootstrap-rails (2.2.8)
      actionpack (>= 3.1)
      execjs
      rails (>= 3.1)
      railties (>= 3.1)
    tzinfo (2.0.6)
      concurrent-ruby (~> 1.0)
    uglifier (4.2.1)
      execjs (>= 0.3.0, < 3)
    unicorn (6.1.0)
      kgio (~> 2.6)
      raindrops (~> 0.7)
    warden (1.2.9)
      rack (>= 2.0.9)
    websocket-driver (0.8.0)
      base64
      websocket-extensions (>= 0.1.0)
    websocket-extensions (0.1.5)
    zeitwerk (2.6.18)

PLATFORMS
  aarch64-linux-gnu
  aarch64-linux-musl
  arm-linux-gnu
  arm-linux-musl
  arm64-darwin
  x86_64-darwin
  x86_64-linux-gnu
  x86_64-linux-musl

DEPENDENCIES
  airbrake (~> 8.1)
  bigdecimal
  byebug (~> 11.1.3)
  chronic_duration
  coffee-rails
  concurrent-ruby (= 1.3.4)
  delayed_job_active_record
  derailed
  devise
  factory_bot_rails
  haml
  jbuilder (~> 2.5)
  jquery-rails
  json (~> 2.3.1)
  kaminari
  markdown-rails
  pg (~> 1.1.0)
  psych (~> 3.1)
  puma (~> 6.6.1)
  rack-timeout
  rails (= 6.1.0)
  rails_autolink
  rest-client (~> 2.0.2)
  rspec-core
  rspec-rails (~> 4.0.1)
  ruby-prof (~> 1.6.3)
  sass-rails
  syntax_suggest
  twitter-bootstrap-rails (= 2.2.8)
  uglifier (>= 2.1.1)
  unicorn

RUBY VERSION
   ruby 3.1.6p260

BUNDLED WITH
   2.6.2
